GIT
  remote: git://github.com/jstirk/tail_from_sentinel.git
  revision: def3003aa61a46dfd239cad938700d8ad26c2988
  specs:
    tail_from_sentinel (0.0.1)

GEM
  remote: http://rubygems.org/
  specs:
    haml (3.0.25)
    ruby-fsevent (0.2.1)
    watchr (0.7)

PLATFORMS
  ruby

DEPENDENCIES
  haml
  ruby-fsevent
  tail_from_sentinel!
  watchr
